GEM
  remote: https://rubygems.org/
  specs:
    ansi (1.4.3)
    excon (0.14.1)
    heroku-api (0.2.6)
      excon (~> 0.14.0)
    mime-types (1.19)
    minitest (3.2.0)
    pg (0.13.2)
    rake (0.9.2.2)
    rest-client (1.6.7)
      mime-types (>= 1.16)
    turn (0.9.6)
      ansi

PLATFORMS
  ruby

DEPENDENCIES
  heroku-api (= 0.2.6)
  minitest (= 3.2.0)
  pg (= 0.13.2)
  rake (= 0.9.2.2)
  rest-client (= 1.6.7)
  turn (= 0.9.6)
