GEM
  remote: https://rubygems.org/
  specs:
    ansi (1.4.3)
    mime-types (1.19)
    minitest (3.2.0)
    pg (0.18.1)
    rake (0.9.2.2)
    rest-client (1.6.7)
      mime-types (>= 1.16)
    turn (0.9.6)
      ansi

PLATFORMS
  ruby

DEPENDENCIES
  minitest (= 3.2.0)
  pg (= 0.18.1)
  rake (= 0.9.2.2)
  rest-client (= 1.6.7)
  turn (= 0.9.6)

BUNDLED WITH
   1.11.2
